GEM
  specs:
    activesupport (3.2.11)
      i18n (~> 0.6)
      multi_json (~> 1.0)
    i18n (0.6.1)
    multi_json (1.5.0)
    net-scp (1.0.4)
      net-ssh (>= 1.99.1)
    net-ssh (2.6.3)
    thor (0.16.0)

PLATFORMS
  ruby

DEPENDENCIES
  activesupport
  net-scp
  net-ssh
  thor
